GEM
  remote: https://rubygems.org/
  specs:
    addressable (2.3.8)
    amq-protocol (1.9.2)
    brown (2.2.2)
      bunny (~> 1.7)
      envied (~> 0.8)
    bunny (1.7.0)
      amq-protocol (>= 1.9.2)
    byebug (4.0.5)
      columnize (= 0.9.0)
    celluloid (0.16.0)
      timers (~> 4.0.0)
    certificate-transparency (0.6.0)
    certificate-transparency-client (0.5.1)
      certificate-transparency (~> 0.4)
    childprocess (0.5.6)
      ffi (~> 1.0, >= 1.0.11)
    coderay (1.1.0)
    coercible (1.0.0)
      descendants_tracker (~> 0.0.1)
    columnize (0.9.0)
    crack (0.4.2)
      safe_yaml (~> 1.0.0)
    descendants_tracker (0.0.4)
      thread_safe (~> 0.3, >= 0.3.1)
    diff-lcs (1.2.5)
    envied (0.8.1.1)
      coercible (~> 1.0)
      rack (~> 1.4)
      thor (~> 0.15)
    extlib (0.9.16)
    ffi (1.9.8)
    fixture_dependencies (1.4.0)
    foreman (0.78.0)
      thor (~> 0.19.1)
    foreman-export-allah (0.1.4)
      foreman (~> 0.60)
    formatador (0.2.5)
    git-version-bump (0.14.0)
    guard (2.12.5)
      formatador (>= 0.2.4)
      listen (~> 2.7)
      lumberjack (~> 1.0)
      nenv (~> 0.1)
      notiffany (~> 0.0)
      pry (>= 0.9.12)
      shellany (~> 0.0)
      thor (>= 0.18.1)
    guard-compat (1.2.1)
    guard-rspec (4.5.2)
      guard (~> 2.1)
      guard-compat (~> 1.1)
      rspec (>= 2.99.0, < 4.0)
    guard-spork (2.1.0)
      childprocess (>= 0.2.3)
      guard (~> 2.0)
      guard-compat (~> 1.0)
      spork (>= 0.8.4)
    hitimes (1.2.2)
    listen (2.10.0)
      celluloid (~> 0.16.0)
      rb-fsevent (>= 0.9.3)
      rb-inotify (>= 0.9)
    lumberjack (1.0.9)
    merkle-hash-tree (0.1.1)
      git-version-bump
    method_source (0.8.2)
    nenv (0.2.0)
    notiffany (0.0.6)
      nenv (~> 0.1)
      shellany (~> 0.0)
    pg (0.18.1)
    pry (0.10.1)
      coderay (~> 1.1.0)
      method_source (~> 0.8.1)
      slop (~> 3.4)
    pry-byebug (3.1.0)
      byebug (~> 4.0)
      pry (~> 0.10)
    rack (1.6.1)
    rake (10.4.2)
    rb-fsevent (0.9.5)
    rb-inotify (0.9.5)
      ffi (>= 0.5.0)
    redis (3.1.0)
    rspec (3.2.0)
      rspec-core (~> 3.2.0)
      rspec-expectations (~> 3.2.0)
      rspec-mocks (~> 3.2.0)
    rspec-core (3.2.3)
      rspec-support (~> 3.2.0)
    rspec-expectations (3.2.1)
      diff-lcs (>= 1.2.0, < 2.0)
      rspec-support (~> 3.2.0)
    rspec-mocks (3.2.1)
      diff-lcs (>= 1.2.0, < 2.0)
      rspec-support (~> 3.2.0)
    rspec-support (3.2.2)
    safe_yaml (1.0.4)
    sequel (4.20.0)
    shellany (0.0.1)
    slop (3.6.0)
    spork (0.9.2)
    thor (0.19.1)
    thread_safe (0.3.5)
    timers (4.0.1)
      hitimes
    webmock (1.21.0.1)
      addressable (>= 2.3.6)
      crack (>= 0.3.2)

PLATFORMS
  ruby

DEPENDENCIES
  brown (~> 2.2)
  certificate-transparency (~> 0.6)
  certificate-transparency-client (~> 0.4)
  extlib (~> 0.9)
  fixture_dependencies (~> 1.4)
  foreman-export-allah (~> 0.1)
  guard (~> 2.12)
  guard-rspec (~> 4.5)
  guard-spork (~> 2.0)
  merkle-hash-tree (~> 0.1)
  pg (~> 0.17)
  pry-byebug
  rake (~> 10.4, >= 10.4.2)
  rb-inotify (~> 0.9)
  redis (~> 3.0)
  rspec (~> 3.0)
  sequel (~> 4.0)
  webmock (~> 1.21)
